GEM
  remote: http://rubygems.org/
  specs:
    gitlab (2.0.0)
      httparty
    httparty (0.9.0)
      multi_json (~> 1.0)
      multi_xml
    multi_json (1.3.6)
    multi_xml (0.5.1)

PLATFORMS
  ruby

DEPENDENCIES
  gitlab
